PATH
  remote: .
  specs:
    heroku (3.7.3)
      heroku-api (~> 0.3.17)
      launchy (>= 0.3.2)
      netrc (~> 0.7.7)
      rest-client (~> 1.6.1)
      rubyzip

GEM
  remote: https://rubygems.org/
  specs:
    addressable (2.3.2)
    arr-pm (0.0.7)
      cabin (> 0)
    aws-s3 (0.6.3)
      builder
      mime-types
      xml-simple
    backports (2.3.0)
    builder (3.1.4)
    cabin (0.4.4)
      json
    clamp (0.5.0)
    crack (0.3.2)
    diff-lcs (1.1.3)
    excon (0.33.0)
    fakefs (0.4.2)
    fpm (0.4.6)
      arr-pm (~> 0.0.7)
      backports (= 2.3.0)
      cabin (~> 0.4.3)
      clamp
      json
    heroku-api (0.3.18)
      excon (~> 0.27)
      multi_json (~> 1.8)
    json (1.7.7)
    launchy (2.4.2)
      addressable (~> 2.3)
    mime-types (1.21)
    multi_json (1.9.3)
    netrc (0.7.7)
    rake (10.0.3)
    rest-client (1.6.7)
      mime-types (>= 1.16)
    rr (1.0.4)
    rspec (2.12.0)
      rspec-core (~> 2.12.0)
      rspec-expectations (~> 2.12.0)
      rspec-mocks (~> 2.12.0)
    rspec-core (2.12.2)
    rspec-expectations (2.12.1)
      diff-lcs (~> 1.1.3)
    rspec-mocks (2.12.2)
    rubyzip (0.9.9)
    sqlite3 (1.3.7)
    sqlite3 (1.3.7-x86-mingw32)
    webmock (1.9.0)
      addressable (>= 2.2.7)
      crack (>= 0.1.7)
    xml-simple (1.1.2)

PLATFORMS
  ruby
  x86-mingw32

DEPENDENCIES
  aws-s3
  fakefs
  fpm
  heroku!
  jruby-openssl
  json
  rake (>= 0.8.7)
  rr (~> 1.0.2)
  rspec (>= 2.0)
  rubyzip
  sqlite3
  webmock
